GEM
  remote: https://rubygems.org/
  specs:
    pg (1.5.5)

PLATFORMS
  x86_64-darwin-21

DEPENDENCIES
  pg

BUNDLED WITH
   2.4.21
